GEM
  specs:
    activesupport (3.0.0)
    rdiscount (1.6.5)

PLATFORMS
  ruby

DEPENDENCIES
  activesupport (~> 3.0)
  rdiscount (~> 1.6)
